PATH
  remote: .
  specs:
    syoboi_calendar (0.1.1)
      mechanize (>= 2.3)

GEM
  remote: http://rubygems.org/
  specs:
    addressable (2.2.7)
    crack (0.3.1)
    diff-lcs (1.1.3)
    domain_name (0.5.2)
      unf (~> 0.0.3)
    mechanize (2.3)
      domain_name (~> 0.5, >= 0.5.1)
      mime-types (~> 1.17, >= 1.17.2)
      net-http-digest_auth (~> 1.1, >= 1.1.1)
      net-http-persistent (~> 2.5, >= 2.5.2)
      nokogiri (~> 1.4)
      ntlm-http (~> 0.1, >= 0.1.1)
      webrobots (~> 0.0, >= 0.0.9)
    mime-types (1.18)
    multi_json (1.2.0)
    net-http-digest_auth (1.2)
    net-http-persistent (2.6)
    nokogiri (1.5.2)
    ntlm-http (0.1.1)
    rake (0.9.2.2)
    rspec (2.9.0)
      rspec-core (~> 2.9.0)
      rspec-expectations (~> 2.9.0)
      rspec-mocks (~> 2.9.0)
    rspec-core (2.9.0)
    rspec-expectations (2.9.1)
      diff-lcs (~> 1.1.3)
    rspec-mocks (2.9.0)
    simplecov (0.6.1)
      multi_json (~> 1.0)
      simplecov-html (~> 0.5.3)
    simplecov-html (0.5.3)
    simplecov-vim (0.0.1)
    unf (0.0.5)
      unf_ext
    unf_ext (0.0.4)
    webmock (1.8.6)
      addressable (>= 2.2.7)
      crack (>= 0.1.7)
    webrobots (0.0.13)

PLATFORMS
  ruby

DEPENDENCIES
  rake (>= 0.9.2)
  rspec (>= 2.9.0)
  simplecov (>= 0.6.1)
  simplecov-vim (>= 0.0.1)
  syoboi_calendar!
  webmock (>= 1.8.6)
